GEM
  remote: https://rubygems.org/
  specs:
    ffi (1.9.25)
    rumouse (0.0.6)
      ffi (~> 1.9.3)

PLATFORMS
  ruby

DEPENDENCIES
  rumouse

BUNDLED WITH
   1.17.2
